GEM
  remote: https://rubygems.org/
  specs:
    base64 (0.3.0)
    ffi (1.17.2-x64-mingw-ucrt)
    json (2.13.2)
    jwt (2.10.2)
      base64
    listen (3.9.0)
      rb-fsevent (~> 0.10, >= 0.10.3)
      rb-inotify (~> 0.9, >= 0.9.10)
    mustermann (3.0.4)
      ruby2_keywords (~> 0.0.1)
    rack (2.2.17)
    rack-protection (3.2.0)
      base64 (>= 0.1.0)
      rack (~> 2.2, >= 2.2.4)
    rb-fsevent (0.11.2)
    rb-inotify (0.11.1)
      ffi (~> 1.0)
    rerun (0.14.0)
      listen (~> 3.0)
    ruby2_keywords (0.0.5)
    sinatra (3.2.0)
      mustermann (~> 3.0)
      rack (~> 2.2, >= 2.2.4)
      rack-protection (= 3.2.0)
      tilt (~> 2.0)
    tilt (2.6.1)
    wdm (0.2.0)
    webrick (1.9.1)

PLATFORMS
  x64-mingw-ucrt

DEPENDENCIES
  bundler (~> 2.4)
  json (~> 2.6)
  jwt (~> 2.7)
  rerun (~> 0.14)
  sinatra (~> 3.0)
  wdm (>= 0.1.0)
  webrick (~> 1.8)

BUNDLED WITH
   2.7.0
